RESTRICTION: >= net461
NUGET
  remote: https://www.nuget.org/api/v2
    FSharp.Core (4.2.3) - redirects: force
    Microsoft.NETCore.Platforms (2.1) - restriction: || (&& (< net45) (>= net461) (>= netstandard2.0)) (&& (>= net461) (>= netcoreapp2.0)) (&& (>= net461) (>= netstandard1.6))
    NETStandard.Library (2.0.3) - restriction: && (>= net461) (>= netstandard1.6)
      Microsoft.NETCore.Platforms (>= 1.1)
    Newtonsoft.Json (11.0.2) - restriction: && (>= net461) (>= netstandard1.6)
    Suave (2.2.1)
      FSharp.Core (>= 4.0.0.1) - restriction: && (>= net461) (< netstandard1.6)
      FSharp.Core (>= 4.1.17) - restriction: && (>= net461) (>= netstandard1.6)
      NETStandard.Library (>= 1.6.1) - restriction: && (>= net461) (>= netstandard1.6)
      System.Data.Common (>= 4.1) - restriction: && (>= net461) (>= netstandard1.6)
      System.Diagnostics.Process (>= 4.1) - restriction: && (>= net461) (>= netstandard1.6)
      System.Globalization.Extensions (>= 4.3) - restriction: && (>= net461) (>= netstandard1.6)
      System.Net.Security (>= 4.0) - restriction: && (>= net461) (>= netstandard1.6)
      System.Runtime.Serialization.Json (>= 4.0.2) - restriction: && (>= net461) (>= netstandard1.6)
      System.Security.Claims (>= 4.0.1) - restriction: && (>= net461) (>= netstandard1.6)
      System.Security.Cryptography.Primitives (>= 4.3) - restriction: && (>= net461) (>= netstandard1.6)
    Suave.Experimental (2.2.1)
      FSharp.Core (>= 4.0.0.1) - restriction: && (>= net461) (< netstandard1.6)
      FSharp.Core (>= 4.1.17) - restriction: && (>= net461) (>= netstandard1.6)
      NETStandard.Library (>= 1.6.1) - restriction: && (>= net461) (>= netstandard1.6)
      Newtonsoft.Json (>= 9.0.1) - restriction: && (>= net461) (>= netstandard1.6)
      Suave (>= 2.0.1) - restriction: && (>= net461) (>= netstandard1.6)
      Suave (>= 2.2.1) - restriction: && (>= net461) (< netstandard1.6)
      System.Net.Mail (>= 1.0.0-rtm-00002) - restriction: && (>= net461) (>= netstandard1.6)
      System.Reflection (>= 4.3) - restriction: && (>= net461) (>= netstandard1.6)
      System.Reflection.TypeExtensions (>= 4.3) - restriction: && (>= net461) (>= netstandard1.6)
      System.Xml.ReaderWriter (>= 4.3) - restriction: && (>= net461) (>= netstandard1.6)
    System.Data.Common (4.3) - restriction: && (>= net461) (>= netstandard1.6)
    System.Diagnostics.Process (4.3) - restriction: && (>= net461) (>= netstandard1.6)
    System.Globalization.Extensions (4.3) - restriction: && (>= net461) (>= netstandard1.6)
    System.IO (4.3) - restriction: || (&& (< net46) (>= net461) (>= netstandard1.6)) (&& (>= net461) (< netstandard1.3) (>= netstandard1.6)) (&& (>= net463) (>= netstandard1.6))
    System.Net.Mail (1.0.0-rtm-00002) - restriction: && (>= net461) (>= netstandard1.6)
      Newtonsoft.Json (>= 8.0.3)
    System.Net.Security (4.3.2) - restriction: && (>= net461) (>= netstandard1.6)
      System.Security.Cryptography.X509Certificates (>= 4.3)
    System.Reflection (4.3) - restriction: && (>= net461) (>= netstandard1.6)
    System.Reflection.TypeExtensions (4.5) - restriction: && (>= net461) (>= netstandard1.6)
    System.Runtime (4.3) - restriction: || (&& (< net46) (>= net461) (>= netstandard1.6)) (&& (>= net461) (< netstandard1.3) (>= netstandard1.6)) (&& (>= net463) (>= netstandard1.6))
    System.Runtime.Serialization.Json (4.3) - restriction: && (>= net461) (>= netstandard1.6)
    System.Security.Claims (4.3) - restriction: && (>= net461) (>= netstandard1.6)
    System.Security.Cryptography.Algorithms (4.3.1) - restriction: && (>= net461) (>= netstandard1.6)
      System.IO (>= 4.3) - restriction: || (&& (< net46) (>= net461) (< netstandard1.4)) (&& (< net46) (>= net461) (>= netstandard1.6)) (&& (< net46) (>= net461) (< netstandard1.6)) (&& (>= net461) (< netstandard1.3)) (>= net463)
      System.Runtime (>= 4.3) - restriction: || (&& (< net46) (>= net461) (< netstandard1.4)) (&& (< net46) (>= net461) (>= netstandard1.6)) (&& (< net46) (>= net461) (< netstandard1.6)) (&& (>= net461) (< netstandard1.3)) (>= net463)
      System.Security.Cryptography.Encoding (>= 4.3) - restriction: || (&& (< net46) (>= net461) (>= netstandard1.6)) (&& (>= net461) (< netstandard1.3)) (>= net463)
      System.Security.Cryptography.Primitives (>= 4.3)
    System.Security.Cryptography.Encoding (4.3) - restriction: && (>= net461) (>= netstandard1.6)
    System.Security.Cryptography.Primitives (4.3) - restriction: && (>= net461) (>= netstandard1.6)
    System.Security.Cryptography.X509Certificates (4.3.2) - restriction: && (>= net461) (>= netstandard1.6)
      System.Security.Cryptography.Algorithms (>= 4.3)
      System.Security.Cryptography.Encoding (>= 4.3)
    System.Xml.ReaderWriter (4.3.1) - restriction: && (>= net461) (>= netstandard1.6)
